PATH
  remote: .
  specs:
    geo_db (0.0.1)
      do_mysql (~> 0.10.0)

GEM
  remote: http://rubygems.org/
  specs:
    addressable (2.3.2)
    data_objects (0.10.9)
      addressable (~> 2.1)
    diff-lcs (1.1.3)
    do_mysql (0.10.9)
      data_objects (= 0.10.9)
    rspec (2.12.0)
      rspec-core (~> 2.12.0)
      rspec-expectations (~> 2.12.0)
      rspec-mocks (~> 2.12.0)
    rspec-core (2.12.1)
    rspec-expectations (2.12.0)
      diff-lcs (~> 1.1.3)
    rspec-mocks (2.12.0)

PLATFORMS
  ruby

DEPENDENCIES
  geo_db!
  rspec (~> 2.12.0)
